NUGET
  remote: https://www.nuget.org/api/v2
  specs:
    Antlr (3.4.1.9004) - framework: >= net452
    bootstrap (3.0.0) - framework: >= net452
      jQuery (>= 1.9.0)
    coveralls.net (0.6.0)
    jQuery (1.10.2) - framework: >= net452
    Microsoft.AspNet.Mvc (5.2.3) - framework: >= net452
      Microsoft.AspNet.Razor (>= 3.2.3 < 3.3.0)
      Microsoft.AspNet.WebPages (>= 3.2.3 < 3.3.0)
    Microsoft.AspNet.Razor (3.2.3) - framework: >= net452
    Microsoft.AspNet.Web.Optimization (1.1.3) - framework: >= net452
      Microsoft.Web.Infrastructure (>= 1.0.0)
      WebGrease (>= 1.5.2)
    Microsoft.AspNet.WebApi (5.2.3) - framework: >= net452
      Microsoft.AspNet.WebApi.WebHost (>= 5.2.3 < 5.3.0)
    Microsoft.AspNet.WebApi.Client (5.2.3) - framework: >= net452
      Newtonsoft.Json (>= 6.0.4) - framework: >= net45, portable-wp80+win+net45+wp81+wpa81
    Microsoft.AspNet.WebApi.Core (5.2.3) - framework: >= net452
      Microsoft.AspNet.WebApi.Client (>= 5.2.3)
    Microsoft.AspNet.WebApi.HelpPage (5.2.3) - framework: >= net452
      Microsoft.AspNet.Mvc (>= 5.2.3 < 5.3.0)
      Microsoft.AspNet.Razor (>= 3.2.3 < 3.3.0)
      Microsoft.AspNet.WebApi.WebHost (>= 5.2.3 < 5.3.0)
    Microsoft.AspNet.WebApi.WebHost (5.2.3) - framework: >= net452
      Microsoft.AspNet.WebApi.Core (>= 5.2.3 < 5.3.0)
    Microsoft.AspNet.WebPages (3.2.3) - framework: >= net452
      Microsoft.AspNet.Razor (>= 3.2.3 < 3.3.0)
      Microsoft.Web.Infrastructure (>= 1.0.0.0)
    Microsoft.CodeDom.Providers.DotNetCompilerPlatform (1.0.0) - framework: >= net452
      Microsoft.Net.Compilers (>= 1.0.0)
    Microsoft.Net.Compilers (1.0.0) - framework: >= net452
    Microsoft.Web.Infrastructure (1.0.0) - framework: >= net452
    Modernizr (2.6.2) - framework: >= net452
    Newtonsoft.Json (6.0.4) - framework: >= net452
    NUnit (2.6.4) - framework: >= net45
    NUnit.Console (3.0.1)
    NUnit.Runners (3.0.1)
      NUnit.Console (3.0.1)
    OpenCover (4.6.166)
    Respond (1.2.0) - framework: >= net452
    WebGrease (1.5.2) - framework: >= net452
      Antlr (>= 3.4.1.9004)
      Newtonsoft.Json (>= 5.0.4)
